GEM
  specs:
    amq-protocol (2.0.1)
    bunny (2.5.0)
      amq-protocol (>= 2.0.1)

PLATFORMS
  ruby

DEPENDENCIES
  bunny

BUNDLED WITH
   1.12.5
